PATH
  remote: .
  specs:
    stackadapt (0.1.0)

GEM
  remote: https://rubygems.org/
  specs:
    builder (3.2.3)
    codeclimate-test-reporter (1.0.5)
      simplecov
    diff-lcs (1.3)
    docile (1.1.5)
    json (1.8.6)
    rake (10.5.0)
    rspec (3.5.0)
      rspec-core (~> 3.5.0)
      rspec-expectations (~> 3.5.0)
      rspec-mocks (~> 3.5.0)
    rspec-core (3.5.4)
      rspec-support (~> 3.5.0)
    rspec-expectations (3.5.0)
      diff-lcs (>= 1.2.0, < 2.0)
      rspec-support (~> 3.5.0)
    rspec-mocks (3.5.0)
      diff-lcs (>= 1.2.0, < 2.0)
      rspec-support (~> 3.5.0)
    rspec-support (3.5.0)
    rspec_junit_formatter (0.2.2)
      builder (< 4)
      rspec-core (>= 2, < 4, != 2.12.0)
    simplecov (0.12.0)
      docile (~> 1.1.0)
      json (>= 1.8, < 3)
      simplecov-html (~> 0.10.0)
    simplecov-html (0.10.0)

PLATFORMS
  ruby

DEPENDENCIES
  bundler (~> 1.13)
  codeclimate-test-reporter (~> 1.0.0)
  rake (~> 10.0)
  rspec (~> 3.5)
  rspec_junit_formatter (= 0.2.2)
  simplecov
  stackadapt!

BUNDLED WITH
   1.13.6
