PATH
  remote: .
  specs:
    stackadapt (0.1.0)
      addressable (~> 2.3)
      http (~> 0.9.4)
      http-form_data (~> 1.0)

GEM
  remote: https://rubygems.org/
  specs:
    addressable (2.5.0)
      public_suffix (~> 2.0, >= 2.0.2)
    builder (3.2.3)
    codeclimate-test-reporter (1.0.5)
      simplecov
    diff-lcs (1.3)
    docile (1.1.5)
    domain_name (0.5.20161129)
      unf (>= 0.0.5, < 1.0.0)
    http (0.9.9)
      addressable (~> 2.3)
      http-cookie (~> 1.0)
      http-form_data (~> 1.0.1)
      http_parser.rb (~> 0.6.0)
    http-cookie (1.0.3)
      domain_name (~> 0.5)
    http-form_data (1.0.1)
    http_parser.rb (0.6.0)
    json (1.8.6)
    public_suffix (2.0.5)
    rake (10.5.0)
    rspec (3.5.0)
      rspec-core (~> 3.5.0)
      rspec-expectations (~> 3.5.0)
      rspec-mocks (~> 3.5.0)
    rspec-core (3.5.4)
      rspec-support (~> 3.5.0)
    rspec-expectations (3.5.0)
      diff-lcs (>= 1.2.0, < 2.0)
      rspec-support (~> 3.5.0)
    rspec-mocks (3.5.0)
      diff-lcs (>= 1.2.0, < 2.0)
      rspec-support (~> 3.5.0)
    rspec-support (3.5.0)
    rspec_junit_formatter (0.2.2)
      builder (< 4)
      rspec-core (>= 2, < 4, != 2.12.0)
    simplecov (0.12.0)
      docile (~> 1.1.0)
      json (>= 1.8, < 3)
      simplecov-html (~> 0.10.0)
    simplecov-html (0.10.0)
    unf (0.1.4)
      unf_ext
    unf_ext (0.0.7.2)

PLATFORMS
  ruby

DEPENDENCIES
  bundler (~> 1.13)
  codeclimate-test-reporter (~> 1.0.0)
  rake (~> 10.0)
  rspec (~> 3.5)
  rspec_junit_formatter (= 0.2.2)
  simplecov
  stackadapt!

BUNDLED WITH
   1.13.6
